GEM
  remote: http://rubygems.org/
  specs:
    json (1.7.7)
    rake (0.9.2)
    rdoc (3.12.1)
      json (~> 1.4)
    rspec (1.3.1)

PLATFORMS
  ruby

DEPENDENCIES
  rake (= 0.9.2)
  rdoc
  rspec (= 1.3.1)
