GEM
  remote: http://rubygems.org/
  specs:
    rake (0.9.2)
    rspec (1.3.1)

PLATFORMS
  ruby

DEPENDENCIES
  rake (= 0.9.2)
  rspec (= 1.3.1)
